GEM
  remote: https://rubygems.org/
  specs:
    matrix (0.4.2)
    pdf-core (0.9.0)
    prawn (2.4.0)
      pdf-core (~> 0.9.0)
      ttfunk (~> 1.7)
    rake (13.0.6)
    ttfunk (1.7.0)

PLATFORMS
  ruby
  x86_64-darwin-21
  x86_64-linux

DEPENDENCIES
  bundler
  matrix
  prawn
  rake

BUNDLED WITH
   2.3.6
